GEM
  remote: http://rubygems.org/
  specs:
    boilerpipe (0.0.4)
    bson (1.6.4)
    bson_ext (1.6.4)
      bson (~> 1.6.4)
    haml (4.0.0)
      tilt
    json (1.7.7)
    mongo (1.6.4)
      bson (~> 1.6.4)
    rack (1.5.2)
    rack-protection (1.4.0)
      rack
    sass (3.2.6)
    sinatra (1.3.5)
      rack (~> 1.4)
      rack-protection (~> 1.3)
      tilt (~> 1.3, >= 1.3.3)
    tilt (1.3.4)

PLATFORMS
  ruby

DEPENDENCIES
  boilerpipe
  bson_ext
  haml
  json
  mongo
  sass
  sinatra
